RESTRICTION: == net45
NUGET
  remote: https://www.nuget.org/api/v2
    DinkToPdf (1.0.8)
